GEM
  remote: http://rubygems.org/
  specs:
    diff-lcs (1.1.3)
    facter (1.6.14)
    hiera (1.1.1)
      json
    hiera-puppet (1.0.0)
      hiera (~> 1.0)
    json (1.7.5)
    metaclass (0.0.1)
    mocha (0.12.3)
      metaclass (~> 0.0.1)
    puppet (3.0.0)
      facter (>= 1.6.11)
      hiera (>= 1.0.0rc)
    puppet-lint (0.3.2)
    puppetlabs_spec_helper (0.3.0)
      mocha (>= 0.10.5)
      rake
      rspec (>= 2.9.0)
      rspec-puppet (>= 0.1.1)
    rake (10.0.2)
    rspec (2.12.0)
      rspec-core (~> 2.12.0)
      rspec-expectations (~> 2.12.0)
      rspec-mocks (~> 2.12.0)
    rspec-core (2.12.0)
    rspec-expectations (2.12.0)
      diff-lcs (~> 1.1.3)
    rspec-hiera-puppet (1.0.0)
      hiera (>= 1.0)
      hiera-puppet (>= 1.0)
      puppet (>= 3.0)
      rspec
      rspec-puppet
    rspec-mocks (2.12.0)
    rspec-puppet (0.1.5)
      rspec

PLATFORMS
  ruby

DEPENDENCIES
  hiera (>= 1.1.1)
  hiera-puppet (>= 1.0.0)
  mocha (<= 0.12.3)
  puppet (>= 2.7.1)
  puppet-lint (>= 0.3.2)
  puppetlabs_spec_helper (>= 0.3.0)
  rake
  rspec-hiera-puppet (>= 1.0.0)
  rspec-puppet (>= 0.1.5)
